GEM
  remote: https://rubygems.org/
  specs:
    Ascii85 (1.0.3)
    activemodel (6.0.1)
      activesupport (= 6.0.1)
    activerecord (6.0.1)
      activemodel (= 6.0.1)
      activesupport (= 6.0.1)
    activesupport (6.0.1)
      concurrent-ruby (~> 1.0, >= 1.0.2)
      i18n (>= 0.7, < 2)
      minitest (~> 5.1)
      tzinfo (~> 1.1)
      zeitwerk (~> 2.2)
    afm (0.2.2)
    concurrent-ruby (1.1.5)
    docx (0.3.0)
      nokogiri (~> 1.8, >= 1.8.1)
      rubyzip (~> 1.2, >= 1.2.1)
    extpp (0.0.8)
    gio2 (3.4.1)
      gobject-introspection (= 3.4.1)
    glib2 (3.4.1)
      native-package-installer (>= 1.0.3)
      pkg-config (>= 1.3.5)
    gobject-introspection (3.4.1)
      glib2 (= 3.4.1)
    hashery (2.1.2)
    i18n (1.7.0)
      concurrent-ruby (~> 1.0)
    mini_portile2 (2.5.0)
    minitest (5.13.0)
    msworddoc-extractor (0.2.0)
      ruby-ole
    native-package-installer (1.0.8)
    ndr_import (9.0.0)
      activemodel
      activesupport (>= 5.0, < 7)
      docx (~> 0.3)
      msworddoc-extractor (= 0.2.0)
      ndr_support (>= 5.3.2, < 6)
      nokogiri (~> 1.8, >= 1.8.5)
      ooxml_decrypt
      pdf-reader (~> 2.1)
      roo (~> 2.0)
      roo-xls
      rubyzip (~> 1.2, >= 1.2.2)
      seven_zip_ruby (~> 1.2)
      spreadsheet (= 1.0.3)
    ndr_support (5.6.0)
      activerecord (>= 5.2.0, < 7)
      activesupport (>= 5.2.0, < 7)
    nokogiri (1.11.1)
      mini_portile2 (~> 2.5.0)
      racc (~> 1.4)
    ooxml_decrypt (1.0.0)
      nokogiri (~> 1.10)
      ruby-ole (~> 1.2)
    pdf-reader (2.4.0)
      Ascii85 (~> 1.0.0)
      afm (~> 0.2.1)
      hashery (~> 2.0)
      ruby-rc4
      ttfunk
    pkg-config (1.4.0)
    racc (1.5.2)
    red-arrow (0.15.1)
      extpp (>= 0.0.7)
      gio2 (>= 3.3.6)
      native-package-installer
      pkg-config
    red-parquet (0.15.1)
      red-arrow (= 0.15.1)
    roo (2.8.2)
      nokogiri (~> 1)
      rubyzip (>= 1.2.1, < 2.0.0)
    roo-xls (1.2.0)
      nokogiri
      roo (>= 2.0.0, < 3)
      spreadsheet (> 0.9.0)
    ruby-ole (1.2.12.2)
    ruby-rc4 (0.1.5)
    rubyzip (1.3.0)
    seven_zip_ruby (1.2.5)
    spreadsheet (1.0.3)
      ruby-ole (>= 1.0)
    thread_safe (0.3.6)
    ttfunk (1.5.1)
    tzinfo (1.2.5)
      thread_safe (~> 0.1)
    zeitwerk (2.2.1)

PLATFORMS
  ruby

DEPENDENCIES
  ndr_import
  red-parquet

BUNDLED WITH
   2.0.2
