GIT
  remote: https://github.com/timgentry/ndr_import
  revision: 8c43a40664fb5e1edfe9b6cf98b6e30f827a0942
  branch: feature/filename_column
  specs:
    ndr_import (10.1.1)
      activemodel
      activesupport (>= 5.0, < 7)
      docx (~> 0.3)
      msworddoc-extractor (= 0.2.0)
      ndr_support (>= 5.3.2, < 6)
      nokogiri (~> 1.8, >= 1.8.5)
      ooxml_decrypt
      pdf-reader (~> 2.1)
      roo (~> 2.0)
      roo-xls
      rubyzip (~> 2.0)
      seven_zip_ruby (~> 1.3)
      spreadsheet (= 1.2.6)

GIT
  remote: https://github.com/timgentry/ndr_parquet
  revision: 3c876fe46b4a5e9a1d8746182ec55ff1cf3981c3
  branch: main
  tag: v1.0.0-rc.2
  specs:
    ndr_parquet (1.0.0.pre.rc.2)
      ndr_import
      rake
      red-parquet (~> 6.0.1)

GEM
  remote: https://rubygems.org/
  specs:
    Ascii85 (1.1.0)
    activemodel (6.1.4.4)
      activesupport (= 6.1.4.4)
    activerecord (6.1.4.4)
      activemodel (= 6.1.4.4)
      activesupport (= 6.1.4.4)
    activesupport (6.1.4.4)
      concurrent-ruby (~> 1.0, >= 1.0.2)
      i18n (>= 1.6, < 2)
      minitest (>= 5.1)
      tzinfo (~> 2.0)
      zeitwerk (~> 2.3)
    afm (0.2.2)
    aws-eventstream (1.2.0)
    aws-partitions (1.541.0)
    aws-sdk-core (3.124.0)
      aws-eventstream (~> 1, >= 1.0.2)
      aws-partitions (~> 1, >= 1.525.0)
      aws-sigv4 (~> 1.1)
      jmespath (~> 1.0)
    aws-sdk-kms (1.52.0)
      aws-sdk-core (~> 3, >= 3.122.0)
      aws-sigv4 (~> 1.1)
    aws-sdk-s3 (1.109.0)
      aws-sdk-core (~> 3, >= 3.122.0)
      aws-sdk-kms (~> 1)
      aws-sigv4 (~> 1.4)
    aws-sigv4 (1.4.0)
      aws-eventstream (~> 1, >= 1.0.2)
    bigdecimal (3.1.0)
    concurrent-ruby (1.1.9)
    docx (0.6.2)
      nokogiri (~> 1.10, >= 1.10.4)
      rubyzip (~> 2.0)
    extpp (0.1.0)
    gio2 (3.4.9)
      gobject-introspection (= 3.4.9)
    glib2 (3.4.9)
      native-package-installer (>= 1.0.3)
      pkg-config (>= 1.3.5)
    gobject-introspection (3.4.9)
      glib2 (= 3.4.9)
    hashery (2.1.2)
    i18n (1.8.11)
      concurrent-ruby (~> 1.0)
    jmespath (1.4.0)
    mini_portile2 (2.8.0)
    minitest (5.15.0)
    msworddoc-extractor (0.2.0)
      ruby-ole
    native-package-installer (1.1.1)
    ndr_support (5.8.3)
      activerecord (>= 5.2.0, < 7)
      activesupport (>= 5.2.0, < 7)
    nokogiri (1.13.4)
      mini_portile2 (~> 2.8.0)
      racc (~> 1.4)
    ooxml_decrypt (1.0.0)
      nokogiri (~> 1.10)
      ruby-ole (~> 1.2)
    pdf-reader (2.7.0)
      Ascii85 (~> 1.0)
      afm (~> 0.2.1)
      hashery (~> 2.0)
      ruby-rc4
      ttfunk
    pkg-config (1.4.6)
    racc (1.6.0)
    rake (13.0.6)
    red-arrow (6.0.1)
      bigdecimal (>= 2.0.3)
      extpp (>= 0.0.7)
      gio2 (>= 3.4.9)
      native-package-installer
      pkg-config
    red-parquet (6.0.1)
      red-arrow (= 6.0.1)
    roo (2.8.3)
      nokogiri (~> 1)
      rubyzip (>= 1.3.0, < 3.0.0)
    roo-xls (1.2.0)
      nokogiri
      roo (>= 2.0.0, < 3)
      spreadsheet (> 0.9.0)
    ruby-ole (1.2.12.2)
    ruby-rc4 (0.1.5)
    rubyzip (2.3.2)
    seven_zip_ruby (1.3.0)
    spreadsheet (1.2.6)
      ruby-ole (>= 1.0)
    ttfunk (1.7.0)
    tzinfo (2.0.4)
      concurrent-ruby (~> 1.0)
    zeitwerk (2.5.1)

PLATFORMS
  ruby

DEPENDENCIES
  aws-sdk-s3 (~> 1)
  ndr_import!
  ndr_parquet!

BUNDLED WITH
   2.2.15
