GIT
  remote: https://github.com/timgentry/ndr_import
  revision: b7ecc6ec53b3a3ba60527d85d0949b8712b30e16
  branch: feature/filename_column
  specs:
    ndr_import (10.1.1)
      activemodel
      activesupport (>= 5.0, < 7)
      docx (~> 0.3)
      msworddoc-extractor (= 0.2.0)
      ndr_support (>= 5.3.2, < 6)
      nokogiri (~> 1.8, >= 1.8.5)
      ooxml_decrypt
      pdf-reader (~> 2.1)
      roo (~> 2.0)
      roo-xls
      rubyzip (~> 2.0)
      seven_zip_ruby (~> 1.2)
      spreadsheet (= 1.2.6)

GIT
  remote: https://github.com/timgentry/ndr_parquet
  revision: bddccfc8e01ef8da2a684e18de31d0e594bbe8ba
  branch: main
  tag: v1.0.0-rc.1
  specs:
    ndr_parquet (1.0.0.pre.rc.1)
      ndr_import
      rake
      red-parquet (~> 3.0)

GEM
  remote: https://rubygems.org/
  specs:
    Ascii85 (1.1.0)
    activemodel (6.1.3.1)
      activesupport (= 6.1.3.1)
    activerecord (6.1.3.1)
      activemodel (= 6.1.3.1)
      activesupport (= 6.1.3.1)
    activesupport (6.1.3.1)
      concurrent-ruby (~> 1.0, >= 1.0.2)
      i18n (>= 1.6, < 2)
      minitest (>= 5.1)
      tzinfo (~> 2.0)
      zeitwerk (~> 2.3)
    afm (0.2.2)
    aws-eventstream (1.1.1)
    aws-partitions (1.444.0)
    aws-sdk-core (3.114.0)
      aws-eventstream (~> 1, >= 1.0.2)
      aws-partitions (~> 1, >= 1.239.0)
      aws-sigv4 (~> 1.1)
      jmespath (~> 1.0)
    aws-sdk-kms (1.43.0)
      aws-sdk-core (~> 3, >= 3.112.0)
      aws-sigv4 (~> 1.1)
    aws-sdk-s3 (1.93.1)
      aws-sdk-core (~> 3, >= 3.112.0)
      aws-sdk-kms (~> 1)
      aws-sigv4 (~> 1.1)
    aws-sigv4 (1.2.3)
      aws-eventstream (~> 1, >= 1.0.2)
    bigdecimal (3.0.0)
    concurrent-ruby (1.1.8)
    docx (0.6.0)
      nokogiri (~> 1.10, >= 1.10.4)
      rubyzip (~> 2.0)
    extpp (0.0.9)
    gio2 (3.4.4)
      gobject-introspection (= 3.4.4)
    glib2 (3.4.4)
      native-package-installer (>= 1.0.3)
      pkg-config (>= 1.3.5)
    gobject-introspection (3.4.4)
      glib2 (= 3.4.4)
    hashery (2.1.2)
    i18n (1.8.9)
      concurrent-ruby (~> 1.0)
    jmespath (1.4.0)
    mini_portile2 (2.5.1)
    minitest (5.14.4)
    msworddoc-extractor (0.2.0)
      ruby-ole
    native-package-installer (1.1.1)
    ndr_support (5.7.1)
      activerecord (>= 5.2.0, < 7)
      activesupport (>= 5.2.0, < 7)
    nokogiri (1.11.5)
      mini_portile2 (~> 2.5.0)
      racc (~> 1.4)
    ooxml_decrypt (1.0.0)
      nokogiri (~> 1.10)
      ruby-ole (~> 1.2)
    pdf-reader (2.4.2)
      Ascii85 (~> 1.0)
      afm (~> 0.2.1)
      hashery (~> 2.0)
      ruby-rc4
      ttfunk
    pkg-config (1.4.6)
    racc (1.5.2)
    rake (13.0.3)
    red-arrow (3.0.0)
      bigdecimal (>= 2.0.3)
      extpp (>= 0.0.7)
      gio2 (>= 3.3.6)
      native-package-installer
      pkg-config
    red-parquet (3.0.0)
      red-arrow (= 3.0.0)
    roo (2.8.3)
      nokogiri (~> 1)
      rubyzip (>= 1.3.0, < 3.0.0)
    roo-xls (1.2.0)
      nokogiri
      roo (>= 2.0.0, < 3)
      spreadsheet (> 0.9.0)
    ruby-ole (1.2.12.2)
    ruby-rc4 (0.1.5)
    rubyzip (2.3.0)
    seven_zip_ruby (1.3.0)
    spreadsheet (1.2.6)
      ruby-ole (>= 1.0)
    ttfunk (1.7.0)
    tzinfo (2.0.4)
      concurrent-ruby (~> 1.0)
    zeitwerk (2.4.2)

PLATFORMS
  ruby

DEPENDENCIES
  aws-sdk-s3 (~> 1)
  ndr_import!
  ndr_parquet!

BUNDLED WITH
   2.2.15
